GIT
  remote: git://github.com/ahk/ruby-mp3info.git
  revision: 8f8e7a553009e84f6a3fd2fe790f63554302dfd3
  specs:
    ruby-mp3info (0.6.13)

PATH
  remote: .
  specs:
    music-cache (0.0.1)

GEM
  remote: http://rubygems.org/
  specs:
    redis (2.0.6)
    unicode (0.3.1)

PLATFORMS
  ruby

DEPENDENCIES
  bundler (>= 1.0.0)
  music-cache!
  redis
  ruby-mp3info!
  unicode
